GEM
  remote: http://rubygems.org/
  specs:
    timezone (1.2.1)

PLATFORMS
  ruby

DEPENDENCIES
  timezone

BUNDLED WITH
   1.12.5
